GEM
  remote: https://rubygems.org/
  specs:
    faraday (0.9.2)
      multipart-post (>= 1.2, < 3)
    faraday_middleware (0.10.0)
      faraday (>= 0.7.4, < 0.10)
    multipart-post (2.0.0)

PLATFORMS
  ruby

DEPENDENCIES
  faraday
  faraday_middleware

BUNDLED WITH
   1.12.5
